GEM
  remote: https://rubygems.org/
  specs:
    colored (1.2)
    httparty (0.14.0)
      multi_xml (>= 0.5.2)
    multi_xml (0.6.0)

PLATFORMS
  ruby

DEPENDENCIES
  colored
  httparty

BUNDLED WITH
   1.13.6
